GEM
  remote: https://rubygems.org/
  specs:
    bcrypt (3.1.12)
    json (2.1.0)
    mustermann (1.0.3)
    mysql2 (0.5.2)
    puma (3.12.0)
    rack (2.0.6)
    rack-protection (2.0.5)
      rack
    sequel (4.7.0)
    sinatra (2.0.5)
      mustermann (~> 1.0)
      rack (~> 2.0)
      rack-protection (= 2.0.5)
      tilt (~> 2.0)
    sinatra-flash (0.3.0)
      sinatra (>= 1.0.0)
    tilt (2.0.9)
    warden (1.2.8)
      rack (>= 2.0.6)

PLATFORMS
  ruby

DEPENDENCIES
  bcrypt
  json
  mysql2
  puma
  sequel (~> 4.7.0)
  sinatra
  sinatra-flash
  warden

BUNDLED WITH
   1.11.2
